GEM
  remote: http://rubygems.org/
  specs:
    activesupport (3.0.10)
    diff-lcs (1.1.3)
    json_pure (1.6.6)
    nokogiri (1.5.0)
    rack (1.2.5)
    rspec (2.9.0)
      rspec-core (~> 2.9.0)
      rspec-expectations (~> 2.9.0)
      rspec-mocks (~> 2.9.0)
    rspec-core (2.9.0)
    rspec-expectations (2.9.1)
      diff-lcs (~> 1.1.3)
    rspec-mocks (2.9.0)

PLATFORMS
  ruby

DEPENDENCIES
  activesupport
  json_pure
  nokogiri
  rack (~> 1.1)
  rspec (~> 2.5)
